GIT
  remote: https://github.com/plukevdh/rest-client.git
  revision: 538df93bddee3a59fbbe4fd0ca76649cf566a8b6
  specs:
    rest-client (1.6.7)
      mime-types (>= 1.16)
      netrc

PATH
  remote: .
  specs:
    ruby_tfs (0.0.3)
      ruby_odata

GEM
  remote: https://rubygems.org/
  specs:
    activesupport (3.2.12)
      i18n (~> 0.6)
      multi_json (~> 1.0)
    addressable (2.3.3)
    backports (3.0.3)
    coderay (1.0.9)
    columnize (0.3.6)
    crack (0.3.2)
    debugger (1.2.4)
      columnize (>= 0.3.1)
      debugger-linecache (~> 1.1.1)
      debugger-ruby_core_source (~> 1.1.7)
    debugger-linecache (1.1.2)
      debugger-ruby_core_source (>= 1.1.1)
    debugger-ruby_core_source (1.1.9)
    diff-lcs (1.2.1)
    flexmock (1.3.0)
    i18n (0.6.4)
    method_source (0.8.1)
    mime-types (1.21)
    multi_json (1.6.1)
    netrc (0.7.7)
    nokogiri (1.5.6)
    pry (0.9.12)
      coderay (~> 1.0.5)
      method_source (~> 0.8)
      slop (~> 3.4)
    pry-debugger (0.2.1)
      debugger (~> 1.2.0)
      pry (~> 0.9.10)
    rake (10.0.3)
    rspec (2.13.0)
      rspec-core (~> 2.13.0)
      rspec-expectations (~> 2.13.0)
      rspec-mocks (~> 2.13.0)
    rspec-core (2.13.0)
    rspec-expectations (2.13.0)
      diff-lcs (>= 1.1.3, < 2.0)
    rspec-mocks (2.13.0)
    ruby_odata (0.1.2)
      activesupport (>= 3.0.0)
      backports (>= 2.3.0)
      i18n (~> 0.6.0)
      nokogiri (>= 1.4.2)
      rest-client (>= 1.5.1)
    simplecov (0.7.1)
      multi_json (~> 1.0)
      simplecov-html (~> 0.7.1)
    simplecov-html (0.7.1)
    slop (3.4.3)
    vcr (2.4.0)
    webmock (1.9.3)
      addressable (>= 2.2.7)
      crack (>= 0.3.2)

PLATFORMS
  ruby

DEPENDENCIES
  activesupport
  bundler (~> 1.0)
  flexmock
  pry
  pry-debugger
  rake
  rest-client!
  rspec
  ruby_tfs!
  simplecov
  vcr
  webmock (< 1.10)
