GEM
  remote: http://rubygems.org/
  specs:
    activesupport (3.2.12)
      i18n (~> 0.6)
      multi_json (~> 1.0)
    addressable (2.3.3)
    backports (3.0.3)
    crack (0.3.2)
    diff-lcs (1.2.1)
    flexmock (1.3.0)
    i18n (0.6.4)
    mime-types (1.21)
    multi_json (1.6.1)
    nokogiri (1.5.6)
    rest-client (1.6.7)
      mime-types (>= 1.16)
    rspec (2.13.0)
      rspec-core (~> 2.13.0)
      rspec-expectations (~> 2.13.0)
      rspec-mocks (~> 2.13.0)
    rspec-core (2.13.0)
    rspec-expectations (2.13.0)
      diff-lcs (>= 1.1.3, < 2.0)
    rspec-mocks (2.13.0)
    ruby_odata (0.1.2)
      activesupport (>= 3.0.0)
      backports (>= 2.3.0)
      i18n (~> 0.6.0)
      nokogiri (>= 1.4.2)
      rest-client (>= 1.5.1)
    simplecov (0.7.1)
      multi_json (~> 1.0)
      simplecov-html (~> 0.7.1)
    simplecov-html (0.7.1)
    vcr (2.4.0)
    webmock (1.9.3)
      addressable (>= 2.2.7)
      crack (>= 0.3.2)

PLATFORMS
  ruby

DEPENDENCIES
  activesupport
  flexmock
  rspec
  ruby_odata
  simplecov
  vcr
  webmock (< 1.10)
